PATH
  remote: .
  specs:
    urban (0.1.3)
      nokogiri (~> 1.5.0)

GEM
  remote: http://rubygems.org/
  specs:
    minitest (2.0.2)
    nokogiri (1.5.0)
    rake (0.8.7)

PLATFORMS
  ruby

DEPENDENCIES
  minitest (~> 2.0.0)
  rake (~> 0.8.7)
  urban!
